GEM
  remote: http://rubygems.org/
  specs:
    activemodel (3.1.3)
      activesupport (= 3.1.3)
      builder (~> 3.0.0)
      i18n (~> 0.6)
    activerecord (3.1.3)
      activemodel (= 3.1.3)
      activesupport (= 3.1.3)
      arel (~> 2.2.1)
      tzinfo (~> 0.3.29)
    activesupport (3.1.3)
      multi_json (~> 1.0)
    arel (2.2.3)
    builder (3.0.0)
    foreman (0.41.0)
      thor (>= 0.13.6)
    i18n (0.6.0)
    multi_json (1.2.0)
    mysql2 (0.3.11)
    puma (1.1.1)
      rack (~> 1.2)
    rack (1.4.1)
    rack-protection (1.2.0)
      rack
    rack-test (0.6.1)
      rack (>= 1.0)
    sinatra (1.3.2)
      rack (~> 1.3, >= 1.3.6)
      rack-protection (~> 1.2)
      tilt (~> 1.3, >= 1.3.3)
    thor (0.14.6)
    tilt (1.3.3)
    tzinfo (0.3.32)
    weasel_diesel (1.0.0)

PLATFORMS
  ruby

DEPENDENCIES
  activerecord (= 3.1.3)
  foreman
  mysql2 (= 0.3.11)
  puma
  rack-test (= 0.6.1)
  sinatra (= 1.3.2)
  weasel_diesel (= 1.0.0)
