GEM
  remote: http://rubygems.org/
  specs:
    activemodel (3.1.3)
      activesupport (= 3.1.3)
      builder (~> 3.0.0)
      i18n (~> 0.6)
    activerecord (3.1.3)
      activemodel (= 3.1.3)
      activesupport (= 3.1.3)
      arel (~> 2.2.1)
      tzinfo (~> 0.3.29)
    activesupport (3.1.3)
      multi_json (~> 1.0)
    addressable (2.2.7)
    arel (2.2.3)
    backports (2.3.0)
    builder (3.0.0)
    ffi (1.0.11)
    foreman (0.41.0)
      thor (>= 0.13.6)
    guard (1.0.1)
      ffi (>= 0.5.0)
      thor (~> 0.14.6)
    guard-minitest (0.5.0)
      guard (>= 0.4)
    guard-puma (0.1.0)
      guard (>= 1.0.1)
      libnotify
      puma
      rb-inotify
    i18n (0.6.0)
    json (1.6.6)
    launchy (2.1.0)
      addressable (~> 2.2.6)
    libnotify (0.7.2)
    minitest (2.12.0)
    multi_json (1.2.0)
    mysql2 (0.3.11)
    puma (1.1.1)
      rack (~> 1.2)
    rack (1.4.1)
    rack-protection (1.2.0)
      rack
    rack-test (0.6.1)
      rack (>= 1.0)
    rake (0.9.2.2)
    rb-inotify (0.8.8)
      ffi (>= 0.5.0)
    sinatra (1.3.2)
      rack (~> 1.3, >= 1.3.6)
      rack-protection (~> 1.2)
      tilt (~> 1.3, >= 1.3.3)
    thor (0.14.6)
    tilt (1.3.3)
    tzinfo (0.3.33)
    weasel_diesel (1.0.1)

PLATFORMS
  ruby

DEPENDENCIES
  activerecord (= 3.1.3)
  backports (= 2.3.0)
  foreman
  guard-minitest
  guard-puma
  json
  launchy
  minitest
  mysql2 (= 0.3.11)
  puma
  rack-test (= 0.6.1)
  rake
  sinatra (= 1.3.2)
  weasel_diesel (= 1.0.1)
